PATH
  remote: ./gems/pdf-reader-master
  specs:
    pdf-reader (1.3.3)
      Ascii85 (~> 1.0.0)
      afm (~> 0.2.0)
      hashery (~> 2.0)
      ruby-rc4
      ttfunk

GEM
  remote: https://rubygems.org/
  specs:
    Ascii85 (1.0.2)
    afm (0.2.2)
    haml (4.0.5)
      tilt
    hashery (2.1.1)
    rack (1.5.2)
    rack-protection (1.5.3)
      rack
    ruby-rc4 (0.1.5)
    sinatra (1.4.5)
      rack (~> 1.4)
      rack-protection (~> 1.4)
      tilt (~> 1.3, >= 1.3.4)
    tilt (1.4.1)
    ttfunk (1.2.0)

PLATFORMS
  ruby

DEPENDENCIES
  haml
  pdf-reader!
  sinatra (= 1.4.5)
